GEM
  remote: https://rubygems.org/
  specs:
    cinch (2.2.5)
    cinchize (0.4.2)
      cinch (>= 2.0.1)
      daemons
    daemons (1.2.2)
    mini_portile (0.6.2)
    nokogiri (1.6.6.2)
      mini_portile (~> 0.6.0)

PLATFORMS
  ruby

DEPENDENCIES
  cinch
  cinchize
  nokogiri
